GEM
  remote: https://rubygems.org/
  specs:
    coderay (1.1.0)
    colorize (0.7.3)
    concurrent-ruby (0.7.0-java)
    ffi (1.9.5-java)
    json (1.8.1-java)
    method_source (0.8.2)
    pry (0.10.1-java)
      coderay (~> 1.1.0)
      method_source (~> 0.8.1)
      slop (~> 3.4)
      spoon (~> 0.0)
    pry-theme (1.1.3)
      coderay (~> 1.1)
      json (~> 1.8)
    rake (10.3.2)
    slop (3.6.0)
    spoon (0.0.4)
      ffi

PLATFORMS
  java

DEPENDENCIES
  colorize
  concurrent-ruby
  pry
  pry-theme
  rake
